GEM
  remote: http://rubygems.org/
  specs:
    pg (0.11.0)
    sequel (3.27.0)

PLATFORMS
  ruby

DEPENDENCIES
  pg
  sequel
